GEM
  remote: https://rubygems.org/
  specs:
    deep_merge (1.2.1)

PLATFORMS
  ruby

DEPENDENCIES
  deep_merge (~> 1.2.1)

BUNDLED WITH
   1.17.3
